GEM
  remote: https://rubygems.org/
  specs:
    addressable (2.3.5)
    bcrypt-ruby (3.1.2)
    daemons (1.1.9)
    datamapper (1.2.0)
      dm-aggregates (~> 1.2.0)
      dm-constraints (~> 1.2.0)
      dm-core (~> 1.2.0)
      dm-migrations (~> 1.2.0)
      dm-serializer (~> 1.2.0)
      dm-timestamps (~> 1.2.0)
      dm-transactions (~> 1.2.0)
      dm-types (~> 1.2.0)
      dm-validations (~> 1.2.0)
    dm-aggregates (1.2.0)
      dm-core (~> 1.2.0)
    dm-constraints (1.2.0)
      dm-core (~> 1.2.0)
    dm-core (1.2.1)
      addressable (~> 2.3)
    dm-migrations (1.2.0)
      dm-core (~> 1.2.0)
    dm-redis-adapter (0.8.2)
      dm-core (>= 1.2.0)
      dm-types (>= 1.2.0)
      hiredis (~> 0.4.0)
      redis (~> 2.2)
    dm-serializer (1.2.2)
      dm-core (~> 1.2.0)
      fastercsv (~> 1.5)
      json (~> 1.6)
      json_pure (~> 1.6)
      multi_json (~> 1.0)
    dm-timestamps (1.2.0)
      dm-core (~> 1.2.0)
    dm-transactions (1.2.0)
      dm-core (~> 1.2.0)
    dm-types (1.2.2)
      bcrypt-ruby (~> 3.0)
      dm-core (~> 1.2.0)
      fastercsv (~> 1.5)
      json (~> 1.6)
      multi_json (~> 1.0)
      stringex (~> 1.4)
      uuidtools (~> 2.1)
    dm-validations (1.2.0)
      dm-core (~> 1.2.0)
    eventmachine (1.0.3)
    fastercsv (1.5.5)
    hiredis (0.4.5)
    json (1.8.0)
    json_pure (1.8.0)
    multi_json (1.7.9)
    mysql (2.9.1)
    rack (1.5.2)
    rack-protection (1.5.0)
      rack
    redis (2.2.2)
    sinatra (1.4.2)
      rack (~> 1.5, >= 1.5.2)
      rack-protection (~> 1.4)
      tilt (~> 1.3, >= 1.3.4)
    stringex (1.5.1)
    thin (1.5.1)
      daemons (>= 1.0.9)
      eventmachine (>= 0.12.6)
      rack (>= 1.0.0)
    tilt (1.3.7)
    uuidtools (2.1.4)

PLATFORMS
  ruby

DEPENDENCIES
  datamapper
  dm-redis-adapter
  json
  mysql
  sinatra
  thin
