GEM
  remote: https://rubygems.org/
  specs:
    coderay (1.0.9)
    cssmin (1.0.3)
    daemons (1.1.9)
    eventmachine (1.0.3)
    ffi (1.6.0)
    formatador (0.2.4)
    guard (1.7.0)
      formatador (>= 0.2.4)
      listen (>= 0.6.0)
      lumberjack (>= 1.0.2)
      pry (>= 0.9.10)
      thor (>= 0.14.6)
    guard-changelog (0.1.0)
    guard-jammit (1.0.1)
      guard (>= 1.1.0)
      jammit
    guard-process (1.0.1)
      guard (>= 0.4.2)
    guard-sass (1.0.4)
      guard (>= 1.1.0)
      sass (>= 3.1)
    jammit (0.6.6)
      cssmin (>= 1.0.3)
      jsmin (>= 1.0.1)
    jsmin (1.0.1)
    listen (0.7.3)
    lumberjack (1.0.3)
    method_source (0.8.1)
    pry (0.9.12)
      coderay (~> 1.0.5)
      method_source (~> 0.8)
      slop (~> 3.4)
    rack (1.5.2)
    rack-protection (1.5.0)
      rack
    rb-fchange (0.0.6)
      ffi
    rb-fsevent (0.9.3)
    rb-inotify (0.9.0)
      ffi (>= 0.5.0)
    redis (3.0.3)
    sass (3.2.7)
    sinatra (1.4.2)
      rack (~> 1.5, >= 1.5.2)
      rack-protection (~> 1.4)
      tilt (~> 1.3, >= 1.3.4)
    slop (3.4.4)
    thin (1.5.1)
      daemons (>= 1.0.9)
      eventmachine (>= 0.12.6)
      rack (>= 1.0.0)
    thor (0.17.0)
    tilt (1.3.7)

PLATFORMS
  ruby

DEPENDENCIES
  guard
  guard-changelog (~> 0.1.0)
  guard-jammit
  guard-process
  guard-sass
  jammit
  rb-fchange
  rb-fsevent
  rb-inotify
  redis
  sinatra
  thin
